GEM
  remote: http://rubygems.org/
  specs:
    daemons (1.1.8)
    erubis (2.7.0)
    eventmachine (0.12.10)
    rack (1.6.11)
    rack-protection (1.5.5)
      rack
    sequel (3.35.0)
    sinatra (1.3.2)
      rack (~> 1.3, >= 1.3.6)
      rack-protection (~> 1.2)
      tilt (~> 1.3, >= 1.3.3)
    sinatra-sequel (0.9.0)
      sequel (>= 3.2.0)
      sinatra (>= 0.9.4)
    sqlite3 (1.3.6)
    thin (1.3.1)
      daemons (>= 1.0.9)
      eventmachine (>= 0.12.6)
      rack (>= 1.0.0)
    tilt (1.3.3)

PLATFORMS
  ruby

DEPENDENCIES
  erubis
  sequel
  sinatra
  sinatra-sequel
  sqlite3
  thin
